PATH
  remote: .
  specs:
    mandrews-has-bit-field (1.1.2)

GEM
  remote: http://rubygems.org/
  specs:
    activemodel (3.1.1)
      activesupport (= 3.1.1)
      builder (~> 3.0.0)
      i18n (~> 0.6)
    activerecord (3.1.1)
      activemodel (= 3.1.1)
      activesupport (= 3.1.1)
      arel (~> 2.2.1)
      tzinfo (~> 0.3.29)
    activesupport (3.1.1)
      multi_json (~> 1.0)
    arel (2.2.1)
    builder (3.0.0)
    i18n (0.6.0)
    multi_json (1.0.3)
    rake (10.0.2)
    sqlite3 (1.3.4)
    tzinfo (0.3.30)

PLATFORMS
  ruby

DEPENDENCIES
  activerecord (~> 3.0)
  mandrews-has-bit-field!
  rake
  sqlite3
